GEM
  remote: https://rubygems.org/
  specs:
    colorize (0.8.1)
    tty-cursor (0.7.1)
    tty-reader (0.9.0)
      tty-cursor (~> 0.7)
      tty-screen (~> 0.8)
      wisper (~> 2.0)
    tty-screen (0.8.1)
    wisper (2.0.1)

PLATFORMS
  x64-mingw32

DEPENDENCIES
  colorize
  tty-reader

BUNDLED WITH
   2.1.4
